PATH
  remote: .
  specs:
    AdventOfCode2021 (0.1.0)

GEM
  remote: https://rubygems.org/
  specs:
    coderay (1.1.3)
    method_source (1.0.0)
    minitest (5.14.4)
    pry (0.13.1)
      coderay (~> 1.1)
      method_source (~> 1.0)
    rake (10.5.0)

PLATFORMS
  ruby

DEPENDENCIES
  AdventOfCode2021!
  bundler (~> 2.1)
  minitest (~> 5.0)
  pry (~> 0.13.1)
  rake (~> 10.0)

BUNDLED WITH
   2.1.4
